GIT
  remote: git://github.com/robrasmussen/rforce.git
  revision: bf732e58209a5406f5f5afb4c79849ddb6b23025
  specs:
    rforce (0.5.1)
      builder (~> 2.0)
      oauth (~> 0.4)

PATH
  remote: .
  specs:
    levene (0.0.1.20110120181246)
      activemodel (>= 3.0.3)
      activesupport (>= 3.0.3)

GEM
  remote: http://rubygems.org/
  specs:
    activemodel (3.0.3)
      activesupport (= 3.0.3)
      builder (~> 2.1.2)
      i18n (~> 0.4)
    activesupport (3.0.3)
    builder (2.1.2)
    hoe (2.8.0)
      rake (>= 0.8.7)
    hoe-gemspec (1.0.0)
      hoe (>= 2.2.0)
    hoe-seattlerb (1.2.4)
    i18n (0.5.0)
    minitest (2.0.2)
    nokogiri (1.4.4)
    oauth (0.4.4)
    rake (0.8.7)

PLATFORMS
  ruby

DEPENDENCIES
  activemodel (>= 3.0.3)
  activesupport (>= 3.0.3)
  hoe (>= 2.8.0)
  hoe-gemspec (>= 1.0.0)
  hoe-seattlerb (>= 1.2.4)
  levene!
  minitest (>= 1.6.0)
  nokogiri (>= 1.4.4)
  rforce!
